PATH
  remote: .
  specs:
    appydays (0.2.0)
      dotenv (~> 2.7)
      semantic_logger (~> 4.6)

GEM
  remote: https://rubygems.org/
  specs:
    ast (2.4.2)
    concurrent-ruby (1.1.9)
    connection_pool (2.2.5)
    diff-lcs (1.4.4)
    dotenv (2.7.6)
    parallel (1.20.1)
    parser (3.0.0.0)
      ast (~> 2.4.1)
    rack (2.2.3)
    rainbow (3.0.0)
    redis (4.5.1)
    regexp_parser (2.1.1)
    rexml (3.2.4)
    rspec (3.10.0)
      rspec-core (~> 3.10.0)
      rspec-expectations (~> 3.10.0)
      rspec-mocks (~> 3.10.0)
    rspec-core (3.10.1)
      rspec-support (~> 3.10.0)
    rspec-expectations (3.10.1)
      diff-lcs (>= 1.2.0, < 2.0)
      rspec-support (~> 3.10.0)
    rspec-json_expectations (2.2.0)
    rspec-mocks (3.10.2)
      diff-lcs (>= 1.2.0, < 2.0)
      rspec-support (~> 3.10.0)
    rspec-support (3.10.2)
    rubocop (1.11.0)
      parallel (~> 1.10)
      parser (>= 3.0.0.0)
      rainbow (>= 2.2.2, < 4.0)
      regexp_parser (>= 1.8, < 3.0)
      rexml
      rubocop-ast (>= 1.2.0, < 2.0)
      ruby-progressbar (~> 1.7)
      unicode-display_width (>= 1.4.0, < 3.0)
    rubocop-ast (1.4.1)
      parser (>= 2.7.1.5)
    rubocop-performance (1.10.0)
      rubocop (>= 0.90.0, < 2.0)
      rubocop-ast (>= 0.4.0)
    rubocop-rake (0.5.1)
      rubocop
    rubocop-sequel (0.2.0)
      rubocop (~> 1.0)
    ruby-progressbar (1.11.0)
    semantic_logger (4.8.2)
      concurrent-ruby (~> 1.0)
    sequel (5.42.0)
    sidekiq (6.3.1)
      connection_pool (>= 2.2.2)
      rack (~> 2.0)
      redis (>= 4.2.0)
    unicode-display_width (2.0.0)

PLATFORMS
  ruby

DEPENDENCIES
  appydays!
  rack (~> 2.2)
  rspec (~> 3.10)
  rspec-core (~> 3.10)
  rspec-json_expectations (~> 2.2)
  rubocop (~> 1.11)
  rubocop-performance (~> 1.10)
  rubocop-rake (~> 0.5)
  rubocop-sequel (~> 0.2)
  sequel (~> 5.0)
  sidekiq (~> 6.0)

BUNDLED WITH
   2.1.4
